GEM
  remote: https://rubygems.org/
  specs:
    rack (2.0.5)
    roda (3.13.0)
      rack

PLATFORMS
  ruby

DEPENDENCIES
  roda

BUNDLED WITH
   1.16.6
